GEM
  remote: https://rubygems.org/
  specs:
    addressable (2.2.6)
    domain_name (0.5.2)
      unf (~> 0.0.3)
    heroku (2.18.1)
      launchy (>= 0.3.2)
      rest-client (~> 1.6.1)
      rubyzip
      term-ansicolor (~> 1.0.5)
    launchy (2.0.5)
      addressable (~> 2.2.6)
    mechanize (2.1)
      domain_name (~> 0.5, >= 0.5.1)
      net-http-digest_auth (~> 1.1, >= 1.1.1)
      net-http-persistent (~> 2.3, >= 2.3.2)
      nokogiri (~> 1.4)
      ntlm-http (~> 0.1, >= 0.1.1)
      webrobots (~> 0.0, >= 0.0.9)
    mime-types (1.17.2)
    net-http-digest_auth (1.2)
    net-http-persistent (2.3.3)
    nokogiri (1.5.0)
    ntlm-http (0.1.1)
    rack (1.4.0)
    rack-protection (1.2.0)
      rack
    rest-client (1.6.7)
      mime-types (>= 1.16)
    rubyzip (0.9.5)
    shotgun (0.9)
      rack (>= 1.0)
    sinatra (1.3.2)
      rack (~> 1.3, >= 1.3.6)
      rack-protection (~> 1.2)
      tilt (~> 1.3, >= 1.3.3)
    term-ansicolor (1.0.7)
    tilt (1.3.3)
    unf (0.0.4)
      unf_ext
    unf_ext (0.0.4)
    webrobots (0.0.12)
      nokogiri (>= 1.4.4)

PLATFORMS
  ruby

DEPENDENCIES
  heroku
  mechanize
  shotgun
  sinatra
